PATH
  remote: .
  specs:
    yard-markdown (0.3.4)
      yard

GEM
  remote: https://rubygems.org/
  specs:
    language_server-protocol (3.17.0.3)
    minitest (5.20.0)
    prism (0.15.1)
    rake (13.1.0)
    ruby-lsp (0.12.2)
      language_server-protocol (~> 3.17.0)
      prism (>= 0.15.1, < 0.16)
      sorbet-runtime (>= 0.5.5685)
    sorbet-runtime (0.5.11116)
    yard (0.9.34)

PLATFORMS
  arm64-darwin-22
  arm64-darwin-23
  x86_64-linux

DEPENDENCIES
  minitest (~> 5.0)
  rake (~> 13.0)
  ruby-lsp
  yard
  yard-markdown!

BUNDLED WITH
   2.4.22
