PATH
  remote: .
  specs:
    yard-markdown (0.5.0)
      csv
      yard

GEM
  remote: https://rubygems.org/
  specs:
    csv (3.2.8)
    minitest (5.20.0)
    rake (13.1.0)
    yard (0.9.34)

PLATFORMS
  arm64-darwin-22
  arm64-darwin-23
  x86_64-linux

DEPENDENCIES
  minitest (~> 5.0)
  rake (~> 13.0)
  yard
  yard-markdown!

BUNDLED WITH
   2.4.22
